GEM
  remote: http://rubygems.org/
  specs:
    diff-lcs (1.6.1)
    nio4r (2.7.4)
    polyglot (0.3.5)
    puma (6.6.0)
      nio4r (~> 2.0)
    rack (3.1.14)
    rackup (2.2.1)
      rack (>= 3)
    rake (13.2.1)
    rspec (3.13.0)
      rspec-core (~> 3.13.0)
      rspec-expectations (~> 3.13.0)
      rspec-mocks (~> 3.13.0)
    rspec-core (3.13.3)
      rspec-support (~> 3.13.0)
    rspec-expectations (3.13.4)
      diff-lcs (>= 1.2.0, < 2.0)
      rspec-support (~> 3.13.0)
    rspec-mocks (3.13.4)
      diff-lcs (>= 1.2.0, < 2.0)
      rspec-support (~> 3.13.0)
    rspec-support (3.13.3)
    treetop (1.6.14)
      polyglot (~> 0.3)

PLATFORMS
  arm64-darwin-24
  ruby

DEPENDENCIES
  puma
  rack
  rackup
  rake
  rspec (~> 3.12)
  treetop

RUBY VERSION
   ruby 3.4.3p32

BUNDLED WITH
   2.6.8
