GEM
  remote: http://rubygems.org/
  specs:
    columnize (0.3.6)
    debugger (1.2.0)
      columnize (>= 0.3.1)
      debugger-linecache (~> 1.1.1)
      debugger-ruby_core_source (~> 1.1.3)
    debugger-linecache (1.1.2)
      debugger-ruby_core_source (>= 1.1.1)
    debugger-ruby_core_source (1.1.3)
    metaclass (0.0.1)
    minitest (2.10.0)
    mocha (0.10.1)
      metaclass (~> 0.0.1)
    polyglot (0.3.3)
    rack (1.5.2)
    rake (0.9.2.2)
    shotgun (0.9)
      rack (>= 1.0)
    shoulda-context (1.0.0)
    treetop (1.4.10)
      polyglot
      polyglot (>= 0.3.1)

PLATFORMS
  ruby

DEPENDENCIES
  debugger
  minitest
  mocha
  rack
  rake
  shotgun
  shoulda-context
  treetop
