GEM
  remote: http://rubygems.org/
  specs:
    metaclass (0.0.1)
    minitest (2.10.0)
    mocha (0.10.1)
      metaclass (~> 0.0.1)
    polyglot (0.3.3)
    rake (0.9.2.2)
    shoulda-context (1.0.0)
    treetop (1.4.10)
      polyglot
      polyglot (>= 0.3.1)

PLATFORMS
  ruby

DEPENDENCIES
  minitest
  mocha
  rake
  shoulda-context
  treetop
