GEM
  remote: http://rubygems.org/
  specs:
    diff-lcs (1.6.1)
    polyglot (0.3.5)
    rack (3.1.13)
    rake (13.2.1)
    rspec (3.13.0)
      rspec-core (~> 3.13.0)
      rspec-expectations (~> 3.13.0)
      rspec-mocks (~> 3.13.0)
    rspec-core (3.13.3)
      rspec-support (~> 3.13.0)
    rspec-expectations (3.13.3)
      diff-lcs (>= 1.2.0, < 2.0)
      rspec-support (~> 3.13.0)
    rspec-mocks (3.13.2)
      diff-lcs (>= 1.2.0, < 2.0)
      rspec-support (~> 3.13.0)
    rspec-support (3.13.2)
    shotgun (0.9.2)
      rack (>= 1.0)
    treetop (1.6.14)
      polyglot (~> 0.3)

PLATFORMS
  arm64-darwin-24
  ruby

DEPENDENCIES
  rack
  rake
  rspec (~> 3.12)
  shotgun
  treetop

RUBY VERSION
   ruby 3.2.2p53

BUNDLED WITH
   2.6.8
